GEM
  remote: https://rubygems.org/
  specs:
    activesupport (4.1.6)
      i18n (~> 0.6, >= 0.6.9)
      json (~> 1.7, >= 1.7.7)
      minitest (~> 5.1)
      thread_safe (~> 0.1)
      tzinfo (~> 1.1)
    colorize (0.7.3)
    configparser (0.1.3)
    digest (0.0.1)
    filesize (0.0.3)
    i18n (0.6.11)
    json (1.8.1)
    logger (1.2.8)
    mini_portile (0.6.0)
    minitest (5.4.2)
    net (0.2.1)
      activesupport
    netrc (0.7.9)
    nokogiri (1.10.4)
      mini_portile (= 0.6.0)
    rest_client (1.7.3)
      netrc (~> 0.7.7)
    thread_safe (0.3.4)
    tzinfo (1.2.2)
      thread_safe (~> 0.1)
    whois (3.5.5)
      activesupport (>= 3)

PLATFORMS
  ruby

DEPENDENCIES
  colorize
  configparser
  digest
  filesize
  json
  logger
  net
  nokogiri
  rest_client
  whois
